PATH
  remote: .
  specs:
    attribute_extras (1.0.0)
      activerecord (> 3)

GEM
  remote: https://rubygems.org/
  specs:
    activemodel (6.1.0.rc1)
      activesupport (= 6.1.0.rc1)
    activerecord (6.1.0.rc1)
      activemodel (= 6.1.0.rc1)
      activesupport (= 6.1.0.rc1)
    activesupport (6.1.0.rc1)
      concurrent-ruby (~> 1.0, >= 1.0.2)
      i18n (>= 1.6, < 2)
      minitest (>= 5.1)
      tzinfo (~> 2.0)
      zeitwerk (~> 2.3)
    ast (2.4.1)
    concurrent-ruby (1.1.7)
    docile (1.3.2)
    i18n (1.8.5)
      concurrent-ruby (~> 1.0)
    minitest (5.14.2)
    parallel (1.19.2)
    parser (2.7.2.0)
      ast (~> 2.4.1)
    rainbow (3.0.0)
    rake (13.0.1)
    regexp_parser (1.8.2)
    rexml (3.2.4)
    rubocop (1.1.0)
      parallel (~> 1.10)
      parser (>= 2.7.1.5)
      rainbow (>= 2.2.2, < 4.0)
      regexp_parser (>= 1.8)
      rexml
      rubocop-ast (>= 1.0.1)
      ruby-progressbar (~> 1.7)
      unicode-display_width (>= 1.4.0, < 2.0)
    rubocop-ast (1.1.0)
      parser (>= 2.7.1.5)
    ruby-progressbar (1.10.1)
    simplecov (0.19.1)
      docile (~> 1.1)
      simplecov-html (~> 0.11)
    simplecov-html (0.12.3)
    sqlite3 (1.4.2)
    tzinfo (2.0.2)
      concurrent-ruby (~> 1.0)
    unicode-display_width (1.7.0)
    zeitwerk (2.4.1)

PLATFORMS
  ruby

DEPENDENCIES
  activerecord (>= 6.0.0.beta1)
  attribute_extras!
  bundler (~> 2.0)
  minitest (~> 5.0)
  rake (~> 13.0)
  rubocop (~> 1.0)
  simplecov (~> 0.17)
  sqlite3 (~> 1.4)

BUNDLED WITH
   2.1.4
