PATH
  remote: .
  specs:
    attribute_extras (0.1.2)
      activerecord (> 3)
      activesupport (> 3)

GEM
  remote: https://rubygems.org/
  specs:
    activemodel (5.2.1)
      activesupport (= 5.2.1)
    activerecord (5.2.1)
      activemodel (= 5.2.1)
      activesupport (= 5.2.1)
      arel (>= 9.0)
    activesupport (5.2.1)
      concurrent-ruby (~> 1.0, >= 1.0.2)
      i18n (>= 0.7, < 2)
      minitest (~> 5.1)
      tzinfo (~> 1.1)
    arel (9.0.0)
    concurrent-ruby (1.1.2)
    i18n (1.1.1)
      concurrent-ruby (~> 1.0)
    minitest (5.11.3)
    sqlite3 (1.3.10)
    thread_safe (0.3.6)
    tzinfo (1.2.5)
      thread_safe (~> 0.1)

PLATFORMS
  ruby

DEPENDENCIES
  attribute_extras!
  sqlite3

BUNDLED WITH
   1.10.3
